GEM
  remote: https://rubygems.org/
  specs:
    chronic (0.10.2)
    colorize (0.8.1)
    json (2.1.0)
    map (6.6.0)
    terminal-table (1.8.0)
      unicode-display_width (~> 1.1, >= 1.1.1)
    unicode-display_width (1.3.0)
    weather-api (1.4.0)
      chronic (~> 0.10.2)
      json
      map (~> 6.6.0)

PLATFORMS
  ruby

DEPENDENCIES
  colorize
  terminal-table
  weather-api

BUNDLED WITH
   1.16.1
